PATH
  remote: .
  specs:
    rev-api (2.0.3)
      httparty (~> 0.11, >= 0.11.0)

GEM
  remote: https://rubygems.org/
  specs:
    addressable (2.3.8)
    ansi (1.5.0)
    coveralls (0.8.2)
      json (~> 1.8)
      rest-client (>= 1.6.8, < 2)
      simplecov (~> 0.10.0)
      term-ansicolor (~> 1.3)
      thor (~> 0.19.1)
    crack (0.4.2)
      safe_yaml (~> 1.0.0)
    docile (1.1.5)
    domain_name (0.5.24)
      unf (>= 0.0.5, < 1.0.0)
    http-cookie (1.0.2)
      domain_name (~> 0.5)
    httparty (0.13.7)
      json (~> 1.8)
      multi_xml (>= 0.5.2)
    json (1.8.3)
    mime-types (2.6.2)
    minitest (4.7.5)
    multi_xml (0.5.5)
    netrc (0.10.3)
    rake (10.4.2)
    redcarpet (3.3.2)
    rest-client (1.8.0)
      http-cookie (>= 1.0.2, < 2.0)
      mime-types (>= 1.16, < 3.0)
      netrc (~> 0.7)
    rubygems-tasks (0.2.4)
    safe_yaml (1.0.4)
    simplecov (0.10.0)
      docile (~> 1.1.0)
      json (~> 1.8)
      simplecov-html (~> 0.10.0)
    simplecov-html (0.10.0)
    term-ansicolor (1.3.2)
      tins (~> 1.0)
    thor (0.19.1)
    tins (1.6.0)
    turn (0.9.7)
      ansi
      minitest (~> 4)
    unf (0.1.4)
      unf_ext
    unf_ext (0.0.7.1)
    vcr (2.6.0)
    webmock (1.11.0)
      addressable (>= 2.2.7)
      crack (>= 0.3.2)
    yard (0.8.7.6)

PLATFORMS
  ruby

DEPENDENCIES
  coveralls
  rake (~> 10.1, >= 10.1.0)
  redcarpet
  rev-api!
  rubygems-tasks (~> 0)
  turn (~> 0.9.6, ~> 0.9)
  vcr (~> 2.6.0, ~> 2.6)
  webmock (~> 1.11.0, ~> 1.11)
  yard (~> 0)

BUNDLED WITH
   1.10.6
