PATH
  remote: .
  specs:
    rev-api (2.0.0)
      httparty (~> 0.11, >= 0.11.0)

GEM
  remote: https://rubygems.org/
  specs:
    addressable (2.3.5)
    ansi (1.4.3)
    coveralls (0.7.0)
      multi_json (~> 1.3)
      rest-client
      simplecov (>= 0.7)
      term-ansicolor
      thor
    crack (0.4.1)
      safe_yaml (~> 0.9.0)
    httparty (0.13.1)
      json (~> 1.8)
      multi_xml (>= 0.5.2)
    json (1.8.1)
    mime-types (1.25)
    multi_json (1.8.0)
    multi_xml (0.5.5)
    rake (10.4.2)
    redcarpet (3.0.0)
    rest-client (1.6.7)
      mime-types (>= 1.16)
    rubygems-tasks (0.2.4)
    safe_yaml (0.9.5)
    simplecov (0.7.1)
      multi_json (~> 1.0)
      simplecov-html (~> 0.7.1)
    simplecov-html (0.7.1)
    term-ansicolor (1.2.2)
      tins (~> 0.8)
    thor (0.18.1)
    tins (0.11.0)
    turn (0.9.6)
      ansi
    vcr (2.6.0)
    webmock (1.11.0)
      addressable (>= 2.2.7)
      crack (>= 0.3.2)
    yard (0.8.7)

PLATFORMS
  ruby

DEPENDENCIES
  coveralls
  rake (~> 10.1, >= 10.1.0)
  redcarpet
  rev-api!
  rubygems-tasks (~> 0)
  turn (~> 0.9.6, ~> 0.9)
  vcr (~> 2.6.0, ~> 2.6)
  webmock (~> 1.11.0, ~> 1.11)
  yard (~> 0)
